FRAMEWORK: >= NET46
NUGET
  remote: https://www.nuget.org/api/v2
  specs:
    AWSSDK.Core (3.1.4.3)
    AWSSDK.OpsWorks (3.1.1.4)
      AWSSDK.Core (>= 3.1.4.3 < 3.2.0)
    AWSSDK.S3 (3.1.3.10)
      AWSSDK.Core (>= 3.1.4.3 < 3.2.0)
    FAKE (4.14.7)
